GEM
  remote: https://rubygems.org/
  specs:

PLATFORMS
  arm64-darwin-22
  x86_64-darwin-21

DEPENDENCIES

BUNDLED WITH
   2.3.22
